GIT
  remote: https://github.com/turboladen/upnp.git
  revision: 026269eba6eea386eff91d12cdd95418eae374cc
  specs:
    upnp (0.0.1)
      em-http-request (>= 1.0.2)
      eventmachine (>= 1.0.0)
      log_switch (>= 0.1.4)
      nori (>= 1.0.2)
      savon (~> 1.0)

GEM
  remote: http://rubygems.org/
  specs:
    addressable (2.3.2)
    akami (1.2.0)
      gyoku (>= 0.4.0)
      nokogiri (>= 1.4.0)
    builder (3.1.4)
    cookiejar (0.3.0)
    domain_name (0.5.7)
      unf (~> 0.0.3)
    em-http-request (1.0.3)
      addressable (>= 2.2.3)
      cookiejar
      em-socksify
      eventmachine (>= 1.0.0.beta.4)
      http_parser.rb (>= 0.5.3)
    em-socksify (0.2.1)
      eventmachine (>= 1.0.0.beta.4)
    eventmachine (1.0.0)
    gyoku (0.4.6)
      builder (>= 2.1.2)
    http_parser.rb (0.5.3)
    httpi (1.1.1)
      rack
    log_switch (0.4.0)
    mechanize (2.5.1)
      domain_name (~> 0.5, >= 0.5.1)
      mime-types (~> 1.17, >= 1.17.2)
      net-http-digest_auth (~> 1.1, >= 1.1.1)
      net-http-persistent (~> 2.5, >= 2.5.2)
      nokogiri (~> 1.4)
      ntlm-http (~> 0.1, >= 0.1.1)
      webrobots (~> 0.0, >= 0.0.9)
    mime-types (1.19)
    net-http-digest_auth (1.2.1)
    net-http-persistent (2.8)
    nokogiri (1.5.6)
    nori (1.1.4)
    ntlm-http (0.1.1)
    rack (1.5.0)
    rest-client (1.6.7)
      mime-types (>= 1.16)
    savon (1.2.0)
      akami (~> 1.2.0)
      builder (>= 2.1.2)
      gyoku (~> 0.4.5)
      httpi (~> 1.1.0)
      nokogiri (>= 1.4.0)
      nori (~> 1.1.0)
      wasabi (~> 2.5.0)
    unf (0.0.5)
      unf_ext
    unf_ext (0.0.5)
    wasabi (2.5.1)
      httpi (~> 1.0)
      nokogiri (>= 1.4.0)
    webrobots (0.0.13)

PLATFORMS
  ruby

DEPENDENCIES
  mechanize
  nokogiri
  rest-client
  upnp!
